REDIRECTS: ON
NUGET
  remote: https://www.nuget.org/api/v2
  specs:
    Argu (1.1.3)
    Chessie (0.2.2)
      FSharp.Core
    FAKE (4.1.3)
    FParsec (1.0.1)
    FSharp.Compiler.Service (2.0.0-beta)
    FSharp.Core (4.0.0.1)
    ILRepack (2.0.4)
    Unquote (3.0.0)
    xunit (2.0.0)
      xunit.assert (2.0.0)
      xunit.core (2.0.0)
    xunit.abstractions (2.0.0)
    xunit.assert (2.0.0)
    xunit.core (2.0.0)
      xunit.extensibility.core (2.0.0)
    xunit.extensibility.core (2.0.0)
      xunit.abstractions (2.0.0)
    xunit.runner.console (2.0.0)
